PATH
  remote: .
  specs:
    wac (0.1.0)

GEM
  remote: https://rubygems.org/
  specs:
    addressable (2.8.1)
      public_suffix (>= 2.0.2, < 6.0)
    crack (0.4.3)
      safe_yaml (~> 1.0.0)
    hashdiff (1.0.1)
    minitest (5.14.0)
    public_suffix (4.0.7)
    rake (12.3.3)
    safe_yaml (1.0.5)
    vcr (5.1.0)
    webmock (3.8.3)
      addressable (>= 2.3.6)
      crack (>= 0.3.2)
      hashdiff (>= 0.4.0, < 2.0.0)

PLATFORMS
  ruby

DEPENDENCIES
  minitest (~> 5.0)
  rake (~> 12.0)
  vcr (~> 5.1.0)
  wac!
  webmock (~> 3.8.3)

BUNDLED WITH
   2.1.2
